GEM
  remote: https://rubygems.org/
  specs:
    digest (3.1.1)
    logger (1.5.1)
    rainbow (3.1.1)
    rubocop (1.66.1)
      rainbow (~> 3.0)
    securerandom (0.1.0)

PLATFORMS
  ruby

DEPENDENCIES
  digest
  logger
  rainbow
  rubocop
  securerandom

BUNDLED WITH
   2.2.16
